GEM
  remote: https://rubygems.org/
  specs:
    activemodel (6.1.4)
      activesupport (= 6.1.4)
    activerecord (6.1.4)
      activemodel (= 6.1.4)
      activesupport (= 6.1.4)
    activesupport (6.1.4)
      concurrent-ruby (~> 1.0, >= 1.0.2)
      i18n (>= 1.6, < 2)
      minitest (>= 5.1)
      tzinfo (~> 2.0)
      zeitwerk (~> 2.3)
    coderay (1.1.3)
    concurrent-ruby (1.1.9)
    i18n (1.8.10)
      concurrent-ruby (~> 1.0)
    method_source (1.0.0)
<<<<<<< HEAD
<<<<<<< HEAD
    mime-types (3.4.1)
      mime-types-data (~> 3.2015)
    mime-types-data (3.2021.1115)
    mini_mime (1.1.2)
    mini_portile2 (2.6.1)
    minitest (5.14.4)
    msgpack (1.4.2)
    multi_json (1.15.0)
    multi_xml (0.6.0)
    multipart-post (2.1.1)
    netrc (0.11.0)
    nio4r (2.5.8)
    nokogiri (1.12.5)
      mini_portile2 (~> 2.6.1)
      racc (~> 1.4)
    nokogiri (1.12.5-arm64-darwin)
      racc (~> 1.4)
    nokogiri (1.12.5-x86_64-linux)
      racc (~> 1.4)
    oauth2 (1.4.7)
      faraday (>= 0.8, < 2.0)
      jwt (>= 1.0, < 3.0)
      multi_json (~> 1.3)
      multi_xml (~> 0.5)
      rack (>= 1.2, < 3)
    omniauth (2.0.4)
      hashie (>= 3.4.6)
      rack (>= 1.6.2, < 3)
      rack-protection
    omniauth-oauth2 (1.7.2)
      oauth2 (~> 1.4)
      omniauth (>= 1.9, < 3)
    pg (1.2.3)
    public_suffix (4.0.6)
    puma (3.12.6)
    racc (1.6.0)
=======
    minitest (5.14.4)
=======
    minitest (5.14.4)
>>>>>>> parent of afb13e0 (Completed)
    mustermann (1.1.1)
      ruby2_keywords (~> 0.0.1)
    pry (0.14.1)
      coderay (~> 1.1)
      method_source (~> 1.0)
<<<<<<< HEAD
>>>>>>> parent of afb13e0 (Completed)
=======
>>>>>>> parent of afb13e0 (Completed)
    rack (2.2.3)
    rack-protection (2.1.0)
      rack
    rake (13.0.6)
    require_all (3.0.0)
    ruby2_keywords (0.0.5)
    sinatra (2.1.0)
      mustermann (~> 1.0)
      rack (~> 2.2)
      rack-protection (= 2.1.0)
      tilt (~> 2.0)
    sinatra-activerecord (2.0.23)
      activerecord (>= 4.1)
      sinatra (>= 1.0)
    sqlite3 (1.4.2)
    tilt (2.0.10)
    tzinfo (2.0.4)
      concurrent-ruby (~> 1.0)
    zeitwerk (2.4.2)

PLATFORMS
<<<<<<< HEAD
<<<<<<< HEAD
  ruby
  x86_64-linux
=======
  universal-darwin-20
>>>>>>> parent of afb13e0 (Completed)
=======
  universal-darwin-20
>>>>>>> parent of afb13e0 (Completed)

DEPENDENCIES
  activerecord (~> 6.1)
  pry
  rake
  require_all
  sinatra-activerecord
  sqlite3 (~> 1.4)

BUNDLED WITH
   2.2.23
